PATH
  remote: .
  specs:
    cognito_auth (0.1.5)
      aws-sdk-cognitoidentityprovider (~> 1.3.0)
      encryption
      json-jwt
      jwt

GEM
  remote: https://rubygems.org/
  specs:
    activesupport (5.2.0)
      concurrent-ruby (~> 1.0, >= 1.0.2)
      i18n (>= 0.7, < 2)
      minitest (~> 5.1)
      tzinfo (~> 1.1)
    aes_key_wrap (1.0.1)
    aws-eventstream (1.0.0)
    aws-partitions (1.91.0)
    aws-sdk-cognitoidentityprovider (1.3.0)
      aws-sdk-core (~> 3)
      aws-sigv4 (~> 1.0)
    aws-sdk-core (3.21.2)
      aws-eventstream (~> 1.0)
      aws-partitions (~> 1.0)
      aws-sigv4 (~> 1.0)
      jmespath (~> 1.0)
    aws-sigv4 (1.0.2)
    bindata (2.4.3)
    concurrent-ruby (1.0.5)
    encryption (1.1.8)
    i18n (1.0.1)
      concurrent-ruby (~> 1.0)
    jmespath (1.4.0)
    json-jwt (1.9.4)
      activesupport
      aes_key_wrap
      bindata
    jwt (2.1.0)
    minitest (5.11.3)
    thread_safe (0.3.6)
    tzinfo (1.2.5)
      thread_safe (~> 0.1)

PLATFORMS
  ruby

DEPENDENCIES
  cognito_auth!

BUNDLED WITH
   1.16.2
